GEM
  remote: https://rubygems.org/
  specs:
    gst-kitchen (0.6.1)
      rake
      redcarpet
      trollop
      yajl-ruby
    rake (10.0.4)
    redcarpet (2.2.2)
    slim (1.3.6)
      temple (~> 0.5.5)
      tilt (~> 1.3.3)
    temple (0.5.5)
    thor (0.18.1)
    tilt (1.3.6)
    trollop (2.0)
    yajl-ruby (1.1.0)

PLATFORMS
  ruby

DEPENDENCIES
  gst-kitchen
  rake
  slim (~> 1.3.6)
  thor (~> 0.18.1)
