GIT
  remote: git://github.com/nerdkunde/gst-kitchen.git
  revision: 855bd51feeb10e15d729493a76648c5e49e61b22
  branch: nerdkunde-edition
  specs:
    gst-kitchen (0.8.0)
      rake
      redcarpet
      trollop
      yajl-ruby

GEM
  remote: https://rubygems.org/
  specs:
    html_truncator (0.3.0)
      nokogiri (~> 1.4)
    nokogiri (1.5.9)
    rake (10.1.0)
    redcarpet (3.0.0)
    sass (3.2.7)
    slim (1.3.6)
      temple (~> 0.5.5)
      tilt (~> 1.3.3)
    temple (0.5.5)
    thor (0.18.1)
    tilt (1.3.6)
    trollop (2.0)
    yajl-ruby (1.1.0)

PLATFORMS
  ruby

DEPENDENCIES
  gst-kitchen!
  html_truncator (~> 0.3.0)
  rake
  sass (~> 3.2.7)
  slim (~> 1.3.6)
  thor (~> 0.18.1)
